PATH
  remote: .
  specs:
    openasset-rest-client (2.0.5)
      certified (~> 1.0)
      colorize (~> 0.8)
      mime-types (~> 3.1)
      ruby-progressbar (~> 1.8)

GEM
  remote: https://rubygems.org/
  specs:
    certified (1.0.0)
    colorize (0.8.1)
    mime-types (3.1)
    rake (10.5.0)
    ruby-progressbar (1.10.0)

PLATFORMS
  ruby

DEPENDENCIES
  bundler (~> 1.14)
  openasset-rest-client!
  rake (~> 10.0)

BUNDLED WITH
   1.16.1
